NUGET
  remote: https://www.nuget.org/api/v2
    NAnt (0.92)
